PATH
  remote: .
  specs:
    mongoid_lazy_migration (0.2)
      activesupport
      progressbar

GEM
  remote: http://rubygems.org/
  specs:
    activemodel (3.2.6)
      activesupport (= 3.2.6)
      builder (~> 3.0.0)
    activesupport (3.2.6)
      i18n (~> 0.6)
      multi_json (~> 1.0)
    bson (1.6.4)
    bson_ext (1.6.4)
      bson (~> 1.6.4)
    builder (3.0.0)
    diff-lcs (1.1.3)
    i18n (0.6.0)
    metaclass (0.0.1)
    mocha (0.12.0)
      metaclass (~> 0.0.1)
    mongo (1.6.2)
      bson (~> 1.6.2)
    mongoid (2.4.11)
      activemodel (~> 3.1)
      mongo (<= 1.6.2)
      tzinfo (~> 0.3.22)
    multi_json (1.3.6)
    progressbar (0.11.0)
    rspec (2.11.0)
      rspec-core (~> 2.11.0)
      rspec-expectations (~> 2.11.0)
      rspec-mocks (~> 2.11.0)
    rspec-core (2.11.0)
    rspec-expectations (2.11.1)
      diff-lcs (~> 1.1.3)
    rspec-mocks (2.11.0)
    tzinfo (0.3.33)

PLATFORMS
  ruby

DEPENDENCIES
  bson_ext
  mocha
  mongoid (~> 2.4)
  mongoid_lazy_migration!
  rspec
